GEM
  remote: https://rubygems.org/
  specs:
    Ascii85 (1.0.3)
    addressable (2.7.0)
      public_suffix (>= 2.0.2, < 5.0)
    afm (0.2.2)
    asciidoctor (1.5.8)
    asciidoctor-diagram (1.4.0)
      asciidoctor (~> 1.5.0)
    asciidoctor-pdf (1.5.3)
      asciidoctor (>= 1.5.3, < 3.0.0)
      concurrent-ruby (~> 1.1.0)
      prawn (~> 2.2.0)
      prawn-icon (~> 2.5.0)
      prawn-svg (~> 0.30.0)
      prawn-table (~> 0.2.0)
      prawn-templates (~> 0.1.0)
      safe_yaml (~> 1.0.0)
      thread_safe (~> 0.3.0)
      treetop (~> 1.6.0)
      ttfunk (~> 1.5.0, >= 1.5.1)
    concurrent-ruby (1.1.7)
    css_parser (1.7.1)
      addressable
    haml (5.2.0)
      temple (>= 0.8.0)
      tilt
    hashery (2.1.2)
    multi_json (1.15.0)
    pdf-core (0.7.0)
    pdf-reader (2.4.1)
      Ascii85 (~> 1.0.0)
      afm (~> 0.2.1)
      hashery (~> 2.0)
      ruby-rc4
      ttfunk
    polyglot (0.3.5)
    prawn (2.2.2)
      pdf-core (~> 0.7.0)
      ttfunk (~> 1.5)
    prawn-icon (2.5.0)
      prawn (>= 1.1.0, < 3.0.0)
    prawn-svg (0.30.0)
      css_parser (~> 1.6)
      prawn (>= 0.11.1, < 3)
    prawn-table (0.2.2)
      prawn (>= 1.3.0, < 3.0.0)
    prawn-templates (0.1.2)
      pdf-reader (~> 2.0)
      prawn (~> 2.2)
    public_suffix (4.0.6)
    pygments.rb (1.2.1)
      multi_json (>= 1.0.0)
    ruby-rc4 (0.1.5)
    safe_yaml (1.0.5)
    slim (4.1.0)
      temple (>= 0.7.6, < 0.9)
      tilt (>= 2.0.6, < 2.1)
    temple (0.8.2)
    thread_safe (0.3.6)
    tilt (2.0.10)
    treetop (1.6.11)
      polyglot (~> 0.3)
    ttfunk (1.5.1)

PLATFORMS
  ruby

DEPENDENCIES
  asciidoctor (= 1.5.8)
  asciidoctor-diagram (~> 1.4.0)
  asciidoctor-pdf
  concurrent-ruby
  haml
  pygments.rb
  slim
  thread_safe
  tilt

BUNDLED WITH
   2.1.4
